GEM
  remote: https://rubygems.org/
  specs:
    mysql (2.9.1)
    rack (1.6.1)
    rack-protection (1.5.3)
      rack
    sequel (4.23.0)
    sinatra (1.4.6)
      rack (~> 1.4)
      rack-protection (~> 1.4)
      tilt (>= 1.3, < 3)
    tilt (2.0.1)

PLATFORMS
  ruby

DEPENDENCIES
  mysql
  sequel
  sinatra

BUNDLED WITH
   1.10.2
